PATH
  remote: .
  specs:
    rcoli (0.7.1)
      highline (~> 1.6.11)
      paint (~> 0.8.5)

GEM
  remote: https://rubygems.org/
  specs:
    highline (1.6.20)
    paint (0.8.5)
    rake (10.0.3)

PLATFORMS
  ruby

DEPENDENCIES
  rake
  rcoli!
